GEM
  remote: http://rubygems.org/
  specs:
    albacore (0.2.7)
      rubyzip (~> 0.9)
    httparty (0.10.2)
      multi_json (~> 1.0)
      multi_xml (>= 0.5.2)
    multi_json (1.6.1)
    multi_xml (0.5.3)
    rake (0.9.2.2)
    rubyzip (0.9.8)
    semver2 (3.0.1)

PLATFORMS
  x86-mingw32

DEPENDENCIES
  albacore
  httparty
  rake
  semver2
