GEM
  remote: http://rubygems.org/
  specs:
    albacore (0.2.7)
      rubyzip (~> 0.9)
    aws-s3 (0.6.3)
      builder
      mime-types
      xml-simple
    builder (3.0.0)
    mime-types (1.19)
    rake (0.9.2.2)
    rubyzip (0.9.8)
    semver2 (3.0.1)
    xml-simple (1.1.1)

PLATFORMS
  x86-mingw32

DEPENDENCIES
  albacore
  aws-s3
  rake
  semver2
