GEM
  remote: http://rubygems.org/
  specs:
    albacore (0.2.7)
      rubyzip (~> 0.9)
    rake (0.9.2.2)
    rubyzip (0.9.8)
    semver2 (3.0.1)

PLATFORMS
  x86-mingw32

DEPENDENCIES
  albacore
  rake
  semver2
